GEM
  remote: https://rubygems.org/
  specs:
    bitbucket_rest_api (0.1.2)
      faraday (~> 0.8.1)
      faraday_middleware (~> 0.8.1)
      hashie (~> 1.2.0)
      multi_json (~> 1.3)
      nokogiri (~> 1.5.2)
      simple_oauth
    faraday (0.8.7)
      multipart-post (~> 1.1)
    faraday_middleware (0.8.8)
      faraday (>= 0.7.4, < 0.9)
    hashie (1.2.0)
    json (1.7.7)
    multi_json (1.7.2)
    multipart-post (1.2.0)
    nokogiri (1.5.9)
    simple_oauth (0.2.0)

PLATFORMS
  ruby

DEPENDENCIES
  bitbucket_rest_api
  json
